GEM
  remote: https://rubygems.org/
  specs:
    addressable (2.3.6)
    berkshelf (3.1.1)
      addressable (~> 2.3.4)
      berkshelf-api-client (~> 1.2)
      buff-config (~> 0.2)
      buff-extensions (~> 0.4)
      buff-shell_out (~> 0.1)
      celluloid (~> 0.16.0.pre)
      celluloid-io (~> 0.16.0.pre)
      faraday (~> 0.9.0)
      minitar (~> 0.5.4)
      octokit (~> 3.0)
      retryable (~> 1.3.3)
      ridley (~> 3.1)
      solve (~> 1.1)
      thor (~> 0.18)
    berkshelf-api-client (1.2.0)
      faraday (~> 0.9.0)
    buff-config (0.4.0)
      buff-extensions (~> 0.3)
      varia_model (~> 0.1)
    buff-extensions (0.5.0)
    buff-ignore (1.1.1)
    buff-ruby_engine (0.1.0)
    buff-shell_out (0.1.1)
      buff-ruby_engine (~> 0.1.0)
    celluloid (0.16.0.pre)
      timers (~> 2.0.0)
    celluloid-io (0.16.0.pre)
      celluloid (>= 0.16.0.pre)
      nio4r (>= 1.0.0)
    chef (11.6.2)
      erubis (~> 2.7)
      highline (~> 1.6, >= 1.6.9)
      json (>= 1.4.4, <= 1.7.7)
      mixlib-authentication (~> 1.3)
      mixlib-cli (~> 1.3)
      mixlib-config (~> 1.1, >= 1.1.2)
      mixlib-log (~> 1.3)
      mixlib-shellout (~> 1.1)
      net-ssh (~> 2.6)
      net-ssh-multi (~> 1.1.0)
      ohai (>= 0.6.0, < 7.0.0)
      rest-client (>= 1.0.4, < 1.7.0)
      yajl-ruby (~> 1.1)
    chefspec (3.0.1)
      chef (~> 11.0)
      fauxhai (~> 1.1)
      rspec (~> 2.14)
    dep-selector-libgecode (1.0.0)
    dep_selector (1.0.2)
      dep-selector-libgecode (~> 1.0)
      ffi (~> 1.9)
    diff-lcs (1.2.4)
    erubis (2.7.0)
    faraday (0.9.0)
      multipart-post (>= 1.2, < 3)
    fauxhai (1.1.1)
      httparty
      net-ssh
      ohai
    ffi (1.9.3)
    foodcritic (0.2.0)
    hashie (2.1.1)
    highline (1.6.20)
    hitimes (1.2.1)
    httparty (0.11.0)
      multi_json (~> 1.0)
      multi_xml (>= 0.5.2)
    ipaddress (0.8.0)
    json (1.7.7)
    mime-types (2.0)
    minitar (0.5.4)
    mixlib-authentication (1.3.0)
      mixlib-log
    mixlib-cli (1.3.0)
    mixlib-config (1.1.2)
    mixlib-log (1.6.0)
    mixlib-shellout (1.2.0)
    multi_json (1.8.2)
    multi_xml (0.5.5)
    multipart-post (2.0.0)
    net-http-persistent (2.9.4)
    net-ssh (2.7.0)
    net-ssh-gateway (1.2.0)
      net-ssh (>= 2.6.5)
    net-ssh-multi (1.1)
      net-ssh (>= 2.1.4)
      net-ssh-gateway (>= 0.99.0)
    nio4r (1.0.0)
    octokit (3.1.0)
      sawyer (~> 0.5.3)
    ohai (6.18.0)
      ipaddress
      mixlib-cli
      mixlib-config
      mixlib-log
      mixlib-shellout
      systemu
      yajl-ruby
    rest-client (1.6.7)
      mime-types (>= 1.16)
    retryable (1.3.5)
    ridley (3.1.0)
      addressable
      buff-config (~> 0.2)
      buff-extensions (~> 0.3)
      buff-ignore (~> 1.1)
      buff-shell_out (~> 0.1)
      celluloid (~> 0.16.0.pre)
      celluloid-io (~> 0.16.0.pre)
      erubis
      faraday (~> 0.9.0)
      hashie (>= 2.0.2)
      json (>= 1.7.7)
      mixlib-authentication (>= 1.3.0)
      net-http-persistent (>= 2.8)
      retryable
      semverse (~> 1.1)
      varia_model (~> 0.3)
    rspec (2.14.1)
      rspec-core (~> 2.14.0)
      rspec-expectations (~> 2.14.0)
      rspec-mocks (~> 2.14.0)
    rspec-core (2.14.6)
    rspec-expectations (2.14.3)
      diff-lcs (>= 1.1.3, < 2.0)
    rspec-mocks (2.14.4)
    sawyer (0.5.4)
      addressable (~> 2.3.5)
      faraday (~> 0.8, < 0.10)
    semverse (1.1.0)
    solve (1.2.0)
      dep_selector (~> 1.0)
      semverse (~> 1.1)
    systemu (2.5.2)
    thor (0.19.1)
    timers (2.0.0)
      hitimes
    varia_model (0.3.2)
      buff-extensions (~> 0.2)
      hashie (>= 2.0.2)
    yajl-ruby (1.4.2)

PLATFORMS
  ruby

DEPENDENCIES
  berkshelf (= 3.1.1)
  chefspec (= 3.0.1)
  foodcritic
